PATH
  remote: .
  specs:
    argyle (0.1.0)
      ncursesw

GEM
  remote: https://rubygems.org/
  specs:
    codecov (0.1.16)
      json
      simplecov
      url
    docile (1.3.2)
    json (2.3.0)
    minitest (5.14.2)
    ncursesw (1.4.10)
    rake (12.3.3)
    simplecov (0.17.1)
      docile (~> 1.1)
      json (>= 1.8, < 3)
      simplecov-html (~> 0.10.0)
    simplecov-html (0.10.2)
    url (0.3.2)

PLATFORMS
  ruby

DEPENDENCIES
  argyle!
  codecov (~> 0.1.16)
  minitest (~> 5.0)
  rake (~> 12.0)
  simplecov (~> 0.17)

BUNDLED WITH
   2.1.2
