PATH
  remote: .
  specs:
    argyle (0.1.0)
      ncursesw

GEM
  remote: https://rubygems.org/
  specs:
    minitest (5.14.2)
    ncursesw (1.4.10)
    rake (12.3.3)

PLATFORMS
  ruby

DEPENDENCIES
  argyle!
  minitest (~> 5.0)
  rake (~> 12.0)

BUNDLED WITH
   2.1.2
